PATH
  remote: .
  specs:
    adz-munger (0.1.4.4)
      builder

GEM
  remote: http://rubygems.org/
  specs:
    builder (3.0.0)
    diff-lcs (1.1.2)
    hpricot (0.8.4)
    rake (0.9.2)
    rcov (0.9.10)
    rspec (2.6.0)
      rspec-core (~> 2.6.0)
      rspec-expectations (~> 2.6.0)
      rspec-mocks (~> 2.6.0)
    rspec-core (2.6.4)
    rspec-expectations (2.6.0)
      diff-lcs (~> 1.1.2)
    rspec-mocks (2.6.0)
    rspec_hpricot_matchers (1.0)

PLATFORMS
  ruby

DEPENDENCIES
  adz-munger!
  diff-lcs
  hpricot
  rake (~> 0.9)
  rcov
  rspec (~> 2)
  rspec_hpricot_matchers
